{
	"TaskName": "p300",
	"Manufacturer": "g.tec",
	"PowerLineFrequency": 60.0,
	"SamplingFrequency": 256.0,
	"SoftwareFilters": "n/a",
	"RecordingDuration": 244.99609375,
	"RecordingType": "continuous",
	"EEGReference": "right earlobe",
	"EEGGround": "AFz",
	"EEGPlacementScheme": "10-20 system",
	"EEGChannelCount": 8,
	"EOGChannelCount": 0,
	"ECGChannelCount": 0,
	"EMGChannelCount": 0,
	"TriggerChannelCount": 0,
	"ManufacturersModelName": "g.USBamp (g.tec)",
	"SoftwareVersions": "n/a",
	"HardwareFilters": "n/a",
	"TaskDescription": "P300 single-option interface; 2 stimulation types (Standard Flash, Cartoon Face); 5 grid sizes (4-9 symbols) Trial duration: 1.0s, ISI: 75.0ms, SOA: 150.0ms.",
	"Instructions": "n/a",
	"CogAtlasID": "https://www.cognitiveatlas.org/task/id/tsk_GxjZBNiJorj1K/",
	"InstitutionName": "Tecnologico de Monterrey",
	"InstitutionAddress": "MX",
	"InstitutionalDepartmentName": "n/a",
	"CapManufacturer": "n/a",
	"CapManufacturersModelName": "n/a",
	"SubjectArtefactDescription": "n/a",
	"DeviceSerialNumber": "n/a",
	"Description": "EEG recording.",
	"MISCChannelCount": 0
}